PATH
  remote: .
  specs:
    checksum-tools (0.9.0)
      net-sftp
      net-ssh
      net-ssh-kerberos
      progressbar

GEM
  remote: http://rubygems.org/
  remote: http://sulair-rails-dev.stanford.edu/
  specs:
    awesome_print (0.4.0)
    columnize (0.3.2)
    i18n (0.6.0)
    interactive_editor (0.0.8)
      spoon (>= 0.0.1)
    linecache (0.43)
    lyberteam-devel (0.3.0)
      pony
      rake (>= 0.8.7)
    mail (2.3.0)
      i18n (>= 0.4.0)
      mime-types (~> 1.16)
      treetop (~> 1.4.8)
    mime-types (1.16)
    net-sftp (2.0.5)
      net-ssh (>= 2.0.9)
    net-ssh (2.1.4)
    net-ssh-kerberos (0.2.7)
      net-ssh (>= 2.0)
    polyglot (0.3.1)
    pony (1.2)
      mail (> 2.0)
    progressbar (0.9.1)
    rake (0.9.1)
    rcov (0.9.9)
    rdoc (3.6.1)
    rspec (1.3.2)
    ruby-debug (0.10.4)
      columnize (>= 0.1)
      ruby-debug-base (~> 0.10.4.0)
    ruby-debug-base (0.10.4)
      linecache (>= 0.3)
    spoon (0.0.1)
    treetop (1.4.9)
      polyglot (>= 0.3.1)
    wirble (0.1.3)
    yard (0.7.1)

PLATFORMS
  ruby

DEPENDENCIES
  awesome_print
  checksum-tools!
  interactive_editor
  lyberteam-devel (>= 0.2.1)
  rake (>= 0.8.7)
  rcov
  rdoc
  rspec (< 2.0)
  ruby-debug
  wirble
  yard
