PATH
  remote: .
  specs:
    checksum-tools (0.5.0)
      progressbar

GEM
  remote: http://rubygems.org/
  remote: http://sulair-rails-dev.stanford.edu/
  specs:
    columnize (0.3.2)
    i18n (0.5.0)
    linecache (0.43)
    lyberteam-devel (0.1.1)
      pony
      rake (>= 0.8.7)
    mail (2.3.0)
      i18n (>= 0.4.0)
      mime-types (~> 1.16)
      treetop (~> 1.4.8)
    mime-types (1.16)
    polyglot (0.3.1)
    pony (1.2)
      mail (> 2.0)
    progressbar (0.9.0)
    rake (0.8.7)
    rcov (0.9.9)
    rdoc (3.5.3)
    rspec (1.3.2)
    ruby-debug (0.10.4)
      columnize (>= 0.1)
      ruby-debug-base (~> 0.10.4.0)
    ruby-debug-base (0.10.4)
      linecache (>= 0.3)
    treetop (1.4.9)
      polyglot (>= 0.3.1)
    yard (0.6.8)

PLATFORMS
  ruby

DEPENDENCIES
  checksum-tools!
  lyberteam-devel (>= 0.1.1)
  rake (>= 0.8.7)
  rcov
  rdoc
  rspec (< 2.0)
  ruby-debug
  yard
